GEM
  remote: https://rubygems.org/
  specs:
    mqtt (0.6.0)

PLATFORMS
  aarch64-linux-musl
  ruby

DEPENDENCIES
  mqtt (~> 0.6.0)

RUBY VERSION
   ruby 3.3.6p108

BUNDLED WITH
   2.5.22
